PATH
  remote: .
  specs:
    firebase_idtoken (0.1.0)
      jwt (~> 2.1)

GEM
  remote: https://rubygems.org/
  specs:
    awesome_print (1.8.0)
    binding_of_caller (0.8.0)
      debug_inspector (>= 0.0.1)
    coderay (1.1.2)
    debug_inspector (0.0.3)
    jwt (2.1.0)
    method_source (0.9.0)
    pry (0.11.3)
      coderay (~> 1.1.0)
      method_source (~> 0.9.0)
    pry-stack_explorer (0.4.9.2)
      binding_of_caller (>= 0.7)
      pry (>= 0.9.11)
    rake (10.5.0)

PLATFORMS
  ruby

DEPENDENCIES
  awesome_print
  bundler (~> 1.16)
  firebase_idtoken!
  pry
  pry-stack_explorer
  rake (~> 10.0)

BUNDLED WITH
   1.16.1
